GEM
  remote: http://rubygems.org/
  specs:
    faraday (0.8.4)
      multipart-post (~> 1.1)
    git (1.2.5)
    hashie (1.1.0)
    jeweler (1.6.4)
      bundler (~> 1.0)
      git (>= 1.2.5)
      rake
    multi_json (1.4.0)
    multipart-post (1.1.5)
    rake (0.9.2)
    rr (1.0.4)
    simple_oauth (0.1.9)
    twitter (4.4.0)
      faraday (~> 0.8)
      multi_json (~> 1.3)
      simple_oauth (~> 0.1.6)

PLATFORMS
  ruby

DEPENDENCIES
  bundler (~> 1.0.0)
  hashie
  jeweler (~> 1.6.4)
  rr
  twitter (>= 4.0.0)
